GEM
  remote: https://rubygems.org/
  specs:
    marky_markov (0.3.5)
      msgpack
    msgpack (0.7.1)
    rack (1.6.4)
    rack-protection (1.5.3)
      rack
    rack-throttle (0.4.0)
      rack (>= 1.0.0)
    rake (10.4.2)
    sinatra (1.4.6)
      rack (~> 1.4)
      rack-protection (~> 1.4)
      tilt (>= 1.3, < 3)
    tilt (2.0.1)

PLATFORMS
  ruby

DEPENDENCIES
  marky_markov
  rack-throttle
  rake
  sinatra
